PATH
  remote: .
  specs:
    locomotive_plugins (0.0.1)
      locomotive_liquid (~> 2.2.2)

GEM
  remote: http://rubygems.org/
  specs:
    activesupport (3.2.6)
      i18n (~> 0.6)
      multi_json (~> 1.0)
    builder (3.0.0)
    bundler_geminabox (0.0.1)
      geminabox
    diff-lcs (1.1.3)
    factory_girl (3.5.0)
      activesupport (>= 3.0.0)
    geminabox (0.6.1)
      builder
      httpclient
      sinatra
    httpclient (2.2.7)
    i18n (0.6.0)
    locomotive_liquid (2.2.2)
    metaclass (0.0.1)
    mocha (0.12.0)
      metaclass (~> 0.0.1)
    multi_json (1.3.6)
    rack (1.4.1)
    rack-protection (1.2.0)
      rack
    rspec (2.11.0)
      rspec-core (~> 2.11.0)
      rspec-expectations (~> 2.11.0)
      rspec-mocks (~> 2.11.0)
    rspec-core (2.11.0)
    rspec-expectations (2.11.1)
      diff-lcs (~> 1.1.3)
    rspec-mocks (2.11.0)
    sinatra (1.3.2)
      rack (~> 1.3, >= 1.3.6)
      rack-protection (~> 1.2)
      tilt (~> 1.3, >= 1.3.3)
    tilt (1.3.3)

PLATFORMS
  ruby

DEPENDENCIES
  bundler_geminabox
  factory_girl
  locomotive_plugins!
  mocha
  rspec (~> 2.3)
